GEM
  remote: https://rubygems.org/
  specs:
    chunky_png (1.3.1)
    compass (0.12.7)
      chunky_png (~> 1.2)
      fssm (>= 0.2.7)
      sass (~> 3.2.19)
    compass-960-plugin (0.10.4)
      compass (>= 0.10.0)
    fssm (0.2.10)
    modular-scale (2.0.5)
      compass (>= 0.12.0)
    sass (3.2.19)
    susy (1.0.9)
      compass (>= 0.12.2)
      sass (>= 3.2.0)

PLATFORMS
  x86-mingw32

DEPENDENCIES
  compass (~> 0.12.7)
  compass-960-plugin (~> 0.10.4)
  modular-scale (~> 2.0.5)
  sass (~> 3.2.19)
  susy (~> 1.0.9)
